GEM
  remote: http://rubygems.org/
  specs:
    nokogiri (1.4.4)
    rack (1.2.1)
    sinatra (1.1.0)
      rack (~> 1.1)
      tilt (~> 1.1)
    tilt (1.1)

PLATFORMS
  ruby

DEPENDENCIES
  nokogiri (= 1.4.4)
  sinatra (= 1.1.0)
